GEM
  remote: https://rubygems.org/
  specs:
    coderay (1.1.2)
    log4r (1.1.10)
    method_source (0.9.2)
    modem_protocols (0.0.1)
    pry (0.12.2)
      coderay (~> 1.1.0)
      method_source (~> 0.9.0)
    serialport (1.3.1)
    xmodem (0.1.1)
      log4r (~> 1.1)

PLATFORMS
  ruby

DEPENDENCIES
  modem_protocols
  pry
  serialport
  xmodem

BUNDLED WITH
   1.17.1
